GEM
  remote: http://rubygems.org/
  specs:
    mini_portile2 (2.4.0)
    nokogiri (1.10.7)
      mini_portile2 (~> 2.4.0)
    nokogiri (1.10.7-x86-mingw32)
      mini_portile2 (~> 2.4.0)

PLATFORMS
  ruby
  x86-mingw32

DEPENDENCIES
  nokogiri (>= 1.10.4)

BUNDLED WITH
   2.0.1
